GEM
  remote: https://rubygems.org/
  specs:
    json (1.8.3)
    net-scp (1.2.1)
      net-ssh (>= 2.6.5)
    net-ssh (2.9.2)

PLATFORMS
  ruby

DEPENDENCIES
  json (= 1.8.3)
  net-scp (= 1.2.1)
